PATH
  remote: .
  specs:
    git_diff (0.3.0)

GEM
  remote: https://rubygems.org/
  specs:
    rake (10.1.0)

PLATFORMS
  ruby

DEPENDENCIES
  bundler (~> 1.3)
  git_diff!
  rake
